GEM
  remote: https://rubygems.org/
  specs:
    facets (3.1.0)
    minitest (5.25.5)
    rainbow (3.1.1)

PLATFORMS
  arm64-darwin-24
  ruby

DEPENDENCIES
  facets
  minitest
  rainbow

BUNDLED WITH
   2.5.3
